PATH
  remote: .
  specs:
    css_parser (1.6.1)
      addressable

GEM
  remote: https://rubygems.org/
  specs:
    addressable (2.4.0)
    bump (0.5.3)
    maxitest (2.4.0)
      minitest (>= 5.0.0, < 5.11.0)
    minitest (5.10.1)
    public_suffix (1.4.6)
    rake (12.0.0)

PLATFORMS
  ruby

DEPENDENCIES
  bump
  css_parser!
  jruby-openssl
  maxitest
  public_suffix (~> 1.4.0)
  rake

BUNDLED WITH
   1.16.2
